GEM
  remote: https://rubygems.org/
  specs:
    mixlib-shellout (1.6.0)
    thor (0.19.1)
    thor-scmversion (1.7.0)
      mixlib-shellout
      thor

PLATFORMS
  ruby

DEPENDENCIES
  thor
  thor-scmversion
